PATH
  remote: .
  specs:
    hibiscus-ruby (0.1.0.pre)
      activemodel
      httparty
      money
      rake

GEM
  remote: https://rubygems.org/
  specs:
    abstract_type (0.0.7)
    activemodel (4.1.0)
      activesupport (= 4.1.0)
      builder (~> 3.1)
    activesupport (4.1.0)
      i18n (~> 0.6, >= 0.6.9)
      json (~> 1.7, >= 1.7.7)
      minitest (~> 5.1)
      thread_safe (~> 0.1)
      tzinfo (~> 1.1)
    adamantium (0.2.0)
      ice_nine (~> 0.11.0)
      memoizable (~> 0.4.0)
    anima (0.2.0)
      abstract_type (~> 0.0.7)
      adamantium (~> 0.1)
      equalizer (~> 0.0.8)
    ast (1.1.0)
    builder (3.2.2)
    concord (0.1.4)
      adamantium (~> 0.1)
      equalizer (~> 0.0.7)
    diff-lcs (1.2.5)
    equalizer (0.0.9)
    httparty (0.13.1)
      json (~> 1.8)
      multi_xml (>= 0.5.2)
    i18n (0.6.9)
    ice_nine (0.11.0)
    inflecto (0.0.2)
    json (1.8.6)
    memoizable (0.4.2)
      thread_safe (~> 0.3, >= 0.3.1)
    minitest (5.3.3)
    money (6.1.1)
      i18n (~> 0.6.4)
    morpher (0.2.2)
      abstract_type (~> 0.0.7)
      adamantium (~> 0.2.0)
      anima (~> 0.2.0)
      ast (~> 1.1.0)
      concord (~> 0.1.4)
      equalizer (~> 0.0.9)
      ice_nine (~> 0.11.0)
      procto (~> 0.0.2)
    multi_xml (0.5.5)
    mutant (0.5.10)
      abstract_type (~> 0.0.7)
      adamantium (~> 0.2.0)
      anima (~> 0.2.0)
      concord (~> 0.1.4)
      diff-lcs (~> 1.2)
      equalizer (~> 0.0.9)
      ice_nine (~> 0.11.0)
      inflecto (~> 0.0.2)
      memoizable (~> 0.4.2)
      morpher (~> 0.2.1)
      parser (~> 2.1)
      procto (~> 0.0.2)
      unparser (~> 0.1.10)
    mutant-rspec (0.5.10)
      mutant (~> 0.5.10)
      rspec-core (>= 2.14.1, <= 3.0.0.beta2)
    parser (2.1.7)
      ast (~> 1.1)
      slop (~> 3.4, >= 3.4.5)
    procto (0.0.2)
    rake (10.3.1)
    rspec (2.14.1)
      rspec-core (~> 2.14.0)
      rspec-expectations (~> 2.14.0)
      rspec-mocks (~> 2.14.0)
    rspec-core (2.14.8)
    rspec-expectations (2.14.5)
      diff-lcs (>= 1.1.3, < 2.0)
    rspec-mocks (2.14.6)
    slop (3.5.0)
    thread_safe (0.3.3)
    tzinfo (1.1.0)
      thread_safe (~> 0.1)
    unparser (0.1.12)
      abstract_type (~> 0.0.7)
      adamantium (~> 0.2.0)
      concord (~> 0.1.4)
      equalizer (~> 0.0.9)
      parser (~> 2.1)
      procto (~> 0.0.2)

PLATFORMS
  ruby

DEPENDENCIES
  hibiscus-ruby!
  mutant-rspec
  rspec
  rspec-core (= 2.14.8)

BUNDLED WITH
   2.0.1
